GIT
  remote: git://github.com/jessor/rack-pagespeed.git
  revision: fed8e2d67f7e23335431c5be46f6ecea47e16913
  specs:
    rack-pagespeed (1.0.9)
      dalli
      jsmin
      nokogiri

GEM
  remote: http://rubygems.org/
  specs:
    addressable (2.2.6)
    builder (3.0.0)
    dalli (1.1.4)
    data_objects (0.10.7)
      addressable (~> 2.1)
    dm-aggregates (1.2.0)
      dm-core (~> 1.2.0)
    dm-core (1.2.0)
      addressable (~> 2.2.6)
    dm-do-adapter (1.2.0)
      data_objects (~> 0.10.6)
      dm-core (~> 1.2.0)
    dm-migrations (1.2.0)
      dm-core (~> 1.2.0)
    dm-pager (1.1.0)
      dm-aggregates (>= 0.10.1)
      dm-core (>= 0.10.1)
    dm-serializer (1.2.1)
      dm-core (~> 1.2.0)
      fastercsv (~> 1.5.4)
      json (~> 1.6.1)
      json_pure (~> 1.6.1)
      multi_json (~> 1.0.3)
    dm-sqlite-adapter (1.2.0)
      dm-do-adapter (~> 1.2.0)
      do_sqlite3 (~> 0.10.6)
    dm-timestamps (1.2.0)
      dm-core (~> 1.2.0)
    dm-validations (1.2.0)
      dm-core (~> 1.2.0)
    do_sqlite3 (0.10.7)
      data_objects (= 0.10.7)
    domain_name (0.5.2)
      unf (~> 0.0.3)
    em-dir-watcher (0.9.4)
    em-websocket (0.3.6)
      addressable (>= 2.1.1)
      eventmachine (>= 0.12.9)
    eventmachine (0.12.10)
    fastercsv (1.5.4)
    ffi (1.0.11)
    haml (3.1.4)
    jsmin (1.0.1)
    json (1.6.5)
    json_pure (1.6.5)
    livereload (1.6.1)
      em-dir-watcher (>= 0.1)
      em-websocket (>= 0.3.5)
      json (>= 1.5.3)
    mechanize (2.1)
      domain_name (>= 0.5.1, ~> 0.5)
      net-http-digest_auth (>= 1.1.1, ~> 1.1)
      net-http-persistent (>= 2.3.2, ~> 2.3)
      nokogiri (~> 1.4)
      ntlm-http (>= 0.1.1, ~> 0.1)
      webrobots (>= 0.0.9, ~> 0.0)
    mini_magick (3.4)
      subexec (~> 0.2.1)
    multi_json (1.0.4)
    net-http-digest_auth (1.2)
    net-http-persistent (2.4)
    nokogiri (1.5.0)
    ntlm-http (0.1.1)
    rack (1.3.6)
    rack-flash (0.1.2)
      rack
    rack-protection (1.2.0)
      rack
    rb-inotify (0.8.8)
      ffi (>= 0.5.0)
    ruby-filemagic (0.4.2)
    ruby-oembed (0.8.5)
    rufus-tokyo (1.0.7)
    sass (3.1.12)
    shotgun (0.9)
      rack (>= 1.0)
    sinatra (1.3.2)
      rack (>= 1.3.6, ~> 1.3)
      rack-protection (~> 1.2)
      tilt (>= 1.3.3, ~> 1.3)
    sinatra-authentication (0.4.1)
      dm-core
      dm-migrations
      dm-timestamps
      dm-validations
      rack-flash
      rufus-tokyo
      sinatra
      sinbook
    sinbook (0.1.9)
      yajl-ruby
    subexec (0.2.1)
    tilt (1.3.3)
    unf (0.0.4)
      unf_ext
    unf_ext (0.0.4)
    webrobots (0.0.13)
    yajl-ruby (1.1.0)

PLATFORMS
  ruby

DEPENDENCIES
  builder (>= 2.1.2)
  dm-core
  dm-migrations
  dm-pager
  dm-serializer
  dm-sqlite-adapter
  dm-timestamps
  dm-validations
  haml
  livereload
  mechanize
  mini_magick
  rack (<= 1.3.6)
  rack-flash
  rack-pagespeed!
  rb-inotify
  ruby-filemagic
  ruby-oembed
  sass
  shotgun
  sinatra
  sinatra-authentication
