GEM
  remote: http://rubygems.org/
  specs:
    activesupport (3.0.9)
    addressable (2.2.6)
    builder (2.1.2)
    carrierwave (0.5.4)
      activesupport (~> 3.0)
    carrierwave-datamapper (0.1.1)
      carrierwave
      dm-core (~> 1.0)
    data_objects (0.10.6)
      addressable (~> 2.1)
    dm-aggregates (1.1.0)
      dm-core (~> 1.1.0)
    dm-core (1.1.0)
      addressable (~> 2.2.4)
    dm-do-adapter (1.1.0)
      data_objects (~> 0.10.2)
      dm-core (~> 1.1.0)
    dm-migrations (1.1.0)
      dm-core (~> 1.1.0)
    dm-pager (1.1.0)
      dm-aggregates (>= 0.10.1)
      dm-core (>= 0.10.1)
    dm-serializer (1.1.0)
      dm-core (~> 1.1.0)
      fastercsv (~> 1.5.4)
      json (~> 1.4.6)
    dm-sqlite-adapter (1.1.0)
      dm-do-adapter (~> 1.1.0)
      do_sqlite3 (~> 0.10.2)
    dm-timestamps (1.1.0)
      dm-core (~> 1.1.0)
    dm-validations (1.1.0)
      dm-core (~> 1.1.0)
    do_sqlite3 (0.10.6)
      data_objects (= 0.10.6)
    em-dir-watcher (0.9.4)
    em-websocket (0.3.0)
      addressable (>= 2.1.1)
      eventmachine (>= 0.12.9)
    eventmachine (0.12.10)
    fastercsv (1.5.4)
    ffi (1.0.9)
    haml (3.1.2)
    json (1.4.6)
    livereload (1.6)
      em-dir-watcher (>= 0.1)
      em-websocket (>= 0.1.2)
      ruby-json (>= 1.1.2)
    mechanize (2.0.1)
      net-http-digest_auth (~> 1.1, >= 1.1.1)
      net-http-persistent (~> 1.8)
      nokogiri (~> 1.4)
      webrobots (~> 0.0, >= 0.0.9)
    mini_magick (3.3)
      subexec (~> 0.1.0)
    net-http-digest_auth (1.1.1)
    net-http-persistent (1.8)
    nokogiri (1.5.0)
    rack (1.3.0)
    rack-flash (0.1.2)
      rack
    rb-inotify (0.8.5)
      ffi (>= 0.5.0)
    ruby-filemagic (0.4.2)
    ruby-json (1.1.2)
    ruby-oembed (0.8.3)
    sass (3.1.3)
    shotgun (0.9)
      rack (>= 1.0)
    sinatra (1.2.6)
      rack (~> 1.1)
      tilt (< 2.0, >= 1.2.2)
    subexec (0.1.0)
    tilt (1.3.2)
    webrobots (0.0.10)
      nokogiri (>= 1.4.4)

PLATFORMS
  ruby

DEPENDENCIES
  builder (>= 2.1.2)
  carrierwave
  carrierwave-datamapper
  dm-core
  dm-migrations
  dm-pager
  dm-serializer
  dm-sqlite-adapter
  dm-timestamps
  dm-validations
  haml
  livereload
  mechanize
  mini_magick
  rack-flash
  rb-inotify
  ruby-filemagic
  ruby-oembed
  sass
  shotgun
  sinatra
