GIT
  remote: git://github.com/4poc/phashion.git
  revision: 3f7c6a612100a70e24b9eec07c6c0ac2b852d528
  specs:
    phashion (1.0.4)

GIT
  remote: git://github.com/jessor/rack-pagespeed.git
  revision: fed8e2d67f7e23335431c5be46f6ecea47e16913
  specs:
    rack-pagespeed (1.0.9)
      dalli
      jsmin
      nokogiri

GEM
  remote: http://rubygems.org/
  specs:
    addressable (2.2.7)
    builder (3.0.0)
    chunky_png (1.2.5)
    dalli (2.0.2)
    data_objects (0.10.8)
      addressable (~> 2.1)
    dm-aggregates (1.2.0)
      dm-core (~> 1.2.0)
    dm-core (1.2.0)
      addressable (~> 2.2.6)
    dm-do-adapter (1.2.0)
      data_objects (~> 0.10.6)
      dm-core (~> 1.2.0)
    dm-migrations (1.2.0)
      dm-core (~> 1.2.0)
    dm-pager (1.1.0)
      dm-aggregates (>= 0.10.1)
      dm-core (>= 0.10.1)
    dm-serializer (1.2.1)
      dm-core (~> 1.2.0)
      fastercsv (~> 1.5.4)
      json (~> 1.6.1)
      json_pure (~> 1.6.1)
      multi_json (~> 1.0.3)
    dm-sqlite-adapter (1.2.0)
      dm-do-adapter (~> 1.2.0)
      do_sqlite3 (~> 0.10.6)
    dm-timestamps (1.2.0)
      dm-core (~> 1.2.0)
    dm-validations (1.2.0)
      dm-core (~> 1.2.0)
    do_sqlite3 (0.10.8)
      data_objects (= 0.10.8)
    domain_name (0.5.3)
      unf (~> 0.0.3)
    fastercsv (1.5.4)
    haml (3.1.4)
    jsmin (1.0.1)
    json (1.6.6)
    json_pure (1.6.6)
    mechanize (2.3)
      domain_name (~> 0.5, >= 0.5.1)
      mime-types (~> 1.17, >= 1.17.2)
      net-http-digest_auth (~> 1.1, >= 1.1.1)
      net-http-persistent (~> 2.5, >= 2.5.2)
      nokogiri (~> 1.4)
      ntlm-http (~> 0.1, >= 0.1.1)
      webrobots (~> 0.0, >= 0.0.9)
    mime-types (1.18)
    mini_magick (3.4)
      subexec (~> 0.2.1)
    multi_json (1.0.4)
    net-http-digest_auth (1.2)
    net-http-persistent (2.6)
    nokogiri (1.5.2)
    ntlm-http (0.1.1)
    qrencoder (1.4.1)
      chunky_png (~> 1.1)
    rack (1.4.1)
    rack-flash (0.1.2)
      rack
    rack-protection (1.2.0)
      rack
    ruby-filemagic (0.4.2)
    ruby-oembed (0.8.7)
    rufus-tokyo (1.0.7)
    sass (3.1.15)
    shotgun (0.9)
      rack (>= 1.0)
    sinatra (1.3.2)
      rack (>= 1.3.6, ~> 1.3)
      rack-protection (~> 1.2)
      tilt (>= 1.3.3, ~> 1.3)
    sinatra-authentication (0.4.1)
      dm-core
      dm-migrations
      dm-timestamps
      dm-validations
      rack-flash
      rufus-tokyo
      sinatra
      sinbook
    sinbook (0.1.9)
      yajl-ruby
    subexec (0.2.1)
    tilt (1.3.3)
    unf (0.0.5)
      unf_ext
    unf_ext (0.0.4)
    webrobots (0.0.13)
    yajl-ruby (1.1.0)

PLATFORMS
  ruby

DEPENDENCIES
  builder (>= 2.1.2)
  dm-core
  dm-migrations
  dm-pager
  dm-serializer
  dm-sqlite-adapter
  dm-timestamps
  dm-validations
  haml
  mechanize
  mini_magick
  phashion!
  qrencoder
  rack
  rack-flash
  rack-pagespeed!
  ruby-filemagic
  ruby-oembed
  sass
  shotgun
  sinatra
  sinatra-authentication
